GEM
  remote: https://rubygems.org/
  specs:
    ast (2.4.3)
    bigdecimal (3.1.9-java)
    coderay (1.1.3)
    ffi (1.17.2-java)
    htmlbeautifier (1.4.3)
    jdbc-h2 (2.0.204)
    json (2.11.3-java)
    language_server-protocol (3.17.0.4)
    lint_roller (1.1.0)
    method_source (1.1.0)
    minitest (5.25.5)
    nio4r (2.7.4-java)
    parallel (1.27.0)
    parser (3.3.8.0)
      ast (~> 2.4.1)
      racc
    prism (1.4.0)
    pry (0.14.2-java)
      coderay (~> 1.1)
      method_source (~> 1.0)
      spoon (~> 0.0)
    pry-debugger-jruby (2.2.1-java)
      pry (>= 0.13, < 0.16)
      ruby-debug-base (>= 0.10.4, < 0.12)
    puma (6.4.3-java)
      nio4r (~> 2.0)
    racc (1.8.1-java)
    rack (3.1.14)
    rack-test (2.2.0)
      rack (>= 1.3)
    rack-unreloader (2.1.0)
    rackup (2.1.0)
      rack (>= 3)
      webrick (~> 1.8)
    rainbow (3.1.1)
    rake (13.2.1)
    regexp_parser (2.10.0)
    roda (3.91.0)
      rack
    rubocop (1.75.5)
      json (~> 2.3)
      language_server-protocol (~> 3.17.0.2)
      lint_roller (~> 1.1.0)
      parallel (~> 1.10)
      parser (>= 3.3.0.2)
      rainbow (>= 2.2.2, < 4.0)
      regexp_parser (>= 2.9.3, < 3.0)
      rubocop-ast (>= 1.44.0, < 2.0)
      ruby-progressbar (~> 1.7)
      unicode-display_width (>= 2.4.0, < 4.0)
    rubocop-ast (1.44.1)
      parser (>= 3.3.7.2)
      prism (~> 1.4)
    rubocop-minitest (0.38.0)
      lint_roller (~> 1.1)
      rubocop (>= 1.75.0, < 2.0)
      rubocop-ast (>= 1.38.0, < 2.0)
    rubocop-performance (1.25.0)
      lint_roller (~> 1.1)
      rubocop (>= 1.75.0, < 2.0)
      rubocop-ast (>= 1.38.0, < 2.0)
    rubocop-rake (0.6.0)
      rubocop (~> 1.0)
    rubocop-sequel (0.3.8)
      rubocop (~> 1.0)
    ruby-debug-base (0.11.0-java)
    ruby-progressbar (1.13.0)
    sequel (5.92.0)
      bigdecimal
    spoon (0.0.6)
      ffi
    tilt (2.6.0)
    unicode-display_width (3.1.4)
      unicode-emoji (~> 4.0, >= 4.0.4)
    unicode-emoji (4.0.4)
    webrick (1.9.1)
    yard (0.9.37)

PLATFORMS
  universal-java-11
  universal-java-17
  universal-java-21
  universal-java-22

DEPENDENCIES
  htmlbeautifier
  jdbc-h2 (~> 2.0)
  minitest (~> 5.2)
  pry (~> 0.14.2)
  pry-debugger-jruby (~> 2.1)
  puma (~> 6.4.2)
  rack-test (~> 2.1)
  rack-unreloader (~> 2.1)
  rackup (~> 2.1.0)
  rake (~> 13.1)
  roda (~> 3.73)
  rubocop
  rubocop-minitest
  rubocop-performance
  rubocop-rake (~> 0.6.0)
  rubocop-sequel (~> 0.3.4)
  sequel (~> 5.74)
  tilt (~> 2.6)
  yard (~> 0.9.34)

BUNDLED WITH
   2.6.8
