GEM
  remote: https://rubygems.org/
  specs:
    ast (2.4.2)
    backport (1.2.0)
    benchmark (0.2.1)
    coderay (1.1.3)
    colorize (0.8.1)
    diff-lcs (1.5.0)
    e2mmap (0.1.0)
    fasterer (0.10.1)
      colorize (~> 0.7)
      ruby_parser (>= 3.19.1)
    ffi (1.15.5-java)
    htmlbeautifier (1.4.2)
    jaro_winkler (1.5.4)
    jaro_winkler (1.5.4-java)
    jdbc-h2 (2.0.204)
    json (2.6.3)
    json (2.6.3-java)
    kramdown (2.4.0)
      rexml
    kramdown-parser-gfm (1.1.0)
      kramdown (~> 2.0)
    method_source (1.0.0)
    minitest (5.18.0)
    nio4r (2.5.9)
    nio4r (2.5.9-java)
    nokogiri (1.14.2-java)
      racc (~> 1.4)
    nokogiri (1.14.2-x86_64-linux)
      racc (~> 1.4)
    parallel (1.22.1)
    parser (3.2.2.0)
      ast (~> 2.4.1)
    pry (0.14.2-java)
      coderay (~> 1.1)
      method_source (~> 1.0)
      spoon (~> 0.0)
    pry-debugger-jruby (2.1.1-java)
      pry (>= 0.13, < 0.15)
      ruby-debug-base (>= 0.10.4, < 0.12)
    puma (6.2.1)
      nio4r (~> 2.0)
    puma (6.2.1-java)
      nio4r (~> 2.0)
    racc (1.6.2)
    racc (1.6.2-java)
    rack (3.0.7)
    rack-test (2.1.0)
      rack (>= 1.3)
    rack-unreloader (2.1.0)
    rackup (2.0.0)
      rack (>= 3)
      webrick
    rainbow (3.1.1)
    rake (13.0.6)
    regexp_parser (2.7.0)
    reverse_markdown (2.1.1)
      nokogiri
    rexml (3.2.5)
    roda (3.66.0)
      rack
    rubocop (1.49.0)
      json (~> 2.3)
      parallel (~> 1.10)
      parser (>= 3.2.0.0)
      rainbow (>= 2.2.2, < 4.0)
      regexp_parser (>= 1.8, < 3.0)
      rexml (>= 3.2.5, < 4.0)
      rubocop-ast (>= 1.28.0, < 2.0)
      ruby-progressbar (~> 1.7)
      unicode-display_width (>= 2.4.0, < 3.0)
    rubocop-ast (1.28.0)
      parser (>= 3.2.1.0)
    rubocop-minitest (0.29.0)
      rubocop (>= 1.39, < 2.0)
    rubocop-performance (1.16.0)
      rubocop (>= 1.7.0, < 2.0)
      rubocop-ast (>= 0.4.0)
    rubocop-rake (0.6.0)
      rubocop (~> 1.0)
    rubocop-sequel (0.3.4)
      rubocop (~> 1.0)
    ruby-debug-base (0.11.0-java)
    ruby-progressbar (1.13.0)
    ruby_parser (3.20.0)
      sexp_processor (~> 4.16)
    sequel (5.67.0)
    sexp_processor (4.16.1)
    solargraph (0.48.0)
      backport (~> 1.2)
      benchmark
      bundler (>= 1.17.2)
      diff-lcs (~> 1.4)
      e2mmap
      jaro_winkler (~> 1.5)
      kramdown (~> 2.3)
      kramdown-parser-gfm (~> 1.1)
      parser (~> 3.0)
      reverse_markdown (>= 1.0.5, < 3)
      rubocop (>= 0.52)
      thor (~> 1.0)
      tilt (~> 2.0)
      yard (~> 0.9, >= 0.9.24)
    spoon (0.0.6)
      ffi
    thor (1.2.1)
    tilt (2.1.0)
    unicode-display_width (2.4.2)
    webrick (1.7.0)
    yard (0.9.28)
      webrick (~> 1.7.0)

PLATFORMS
  universal-java-1.8
  universal-java-11
  universal-java-17
  x86_64-linux

DEPENDENCIES
  fasterer (~> 0.10.1)
  htmlbeautifier
  jdbc-h2 (~> 2.0)
  minitest (~> 5.16)
  pry-debugger-jruby (~> 2.1)
  puma (~> 6.2)
  rack-test (~> 2.1)
  rack-unreloader (~> 2.1)
  rackup (~> 2.0.0)
  rake (~> 13.0)
  roda (~> 3.66)
  rubocop
  rubocop-minitest (~> 0.29.0)
  rubocop-performance
  rubocop-rake (~> 0.6.0)
  rubocop-sequel (~> 0.3.4)
  sequel (~> 5.67)
  solargraph (~> 0.48.0)
  yard (~> 0.9.28)

BUNDLED WITH
   2.4.7
