GEM
  remote: https://rubygems.org/
  specs:
    ast (2.4.2)
    backport (1.2.0)
    benchmark (0.3.0)
    bigdecimal (3.1.8-java)
    coderay (1.1.3)
    diff-lcs (1.5.1)
    e2mmap (0.1.0)
    ffi (1.17.0-java)
    htmlbeautifier (1.4.3)
    jaro_winkler (1.6.0-java)
    jdbc-h2 (2.0.204)
    json (2.7.2-java)
    kramdown (2.4.0)
      rexml
    kramdown-parser-gfm (1.1.0)
      kramdown (~> 2.0)
    language_server-protocol (3.17.0.3)
    method_source (1.1.0)
    minitest (5.25.1)
    nio4r (2.7.3-java)
    nokogiri (1.16.7-java)
      racc (~> 1.4)
    parallel (1.26.3)
    parser (3.3.5.0)
      ast (~> 2.4.1)
      racc
    pry (0.14.2-java)
      coderay (~> 1.1)
      method_source (~> 1.0)
      spoon (~> 0.0)
    pry-debugger-jruby (2.1.1-java)
      pry (>= 0.13, < 0.15)
      ruby-debug-base (>= 0.10.4, < 0.12)
    puma (6.4.2-java)
      nio4r (~> 2.0)
    racc (1.8.1-java)
    rack (3.1.7)
    rack-test (2.1.0)
      rack (>= 1.3)
    rack-unreloader (2.1.0)
    rackup (2.1.0)
      rack (>= 3)
      webrick (~> 1.8)
    rainbow (3.1.1)
    rake (13.2.1)
    regexp_parser (2.9.2)
    reverse_markdown (2.1.1)
      nokogiri
    rexml (3.3.7)
    roda (3.83.0)
      rack
    rubocop (1.66.1)
      json (~> 2.3)
      language_server-protocol (>= 3.17.0)
      parallel (~> 1.10)
      parser (>= 3.3.0.2)
      rainbow (>= 2.2.2, < 4.0)
      regexp_parser (>= 2.4, < 3.0)
      rubocop-ast (>= 1.32.2, < 2.0)
      ruby-progressbar (~> 1.7)
      unicode-display_width (>= 2.4.0, < 3.0)
    rubocop-ast (1.32.3)
      parser (>= 3.3.1.0)
    rubocop-performance (1.21.1)
      rubocop (>= 1.48.1, < 2.0)
      rubocop-ast (>= 1.31.1, < 2.0)
    rubocop-rake (0.6.0)
      rubocop (~> 1.0)
    rubocop-sequel (0.3.4)
      rubocop (~> 1.0)
    ruby-debug-base (0.11.0-java)
    ruby-progressbar (1.13.0)
    sequel (5.84.0)
      bigdecimal
    solargraph (0.48.0)
      backport (~> 1.2)
      benchmark
      bundler (>= 1.17.2)
      diff-lcs (~> 1.4)
      e2mmap
      jaro_winkler (~> 1.5)
      kramdown (~> 2.3)
      kramdown-parser-gfm (~> 1.1)
      parser (~> 3.0)
      reverse_markdown (>= 1.0.5, < 3)
      rubocop (>= 0.52)
      thor (~> 1.0)
      tilt (~> 2.0)
      yard (~> 0.9, >= 0.9.24)
    spoon (0.0.6)
      ffi
    thor (1.3.2)
    tilt (2.4.0)
    unicode-display_width (2.5.0)
    webrick (1.8.1)
    yard (0.9.37)

PLATFORMS
  universal-java-11
  universal-java-21
  universal-java-22

DEPENDENCIES
  htmlbeautifier
  jdbc-h2 (~> 2.0)
  minitest (~> 5.20)
  pry (~> 0.14.2)
  pry-debugger-jruby (~> 2.1)
  puma (~> 6.4.2)
  rack-test (~> 2.1)
  rack-unreloader (~> 2.1)
  rackup (~> 2.1.0)
  rake (~> 13.1)
  roda (~> 3.73)
  rubocop
  rubocop-performance
  rubocop-rake (~> 0.6.0)
  rubocop-sequel (~> 0.3.4)
  sequel (~> 5.74)
  solargraph (~> 0.48.0)
  yard (~> 0.9.34)

BUNDLED WITH
   2.5.18
